PATH
  remote: .
  specs:
    security (0.1.4)

GEM
  remote: https://rubygems.org/
  specs:
    rake (12.3.3)

PLATFORMS
  ruby

DEPENDENCIES
  rake (~> 12.3, >= 12.3.3)
  security!

BUNDLED WITH
   2.1.4
